GEM
  remote: https://rubygems.org/
  specs:
    activesupport (4.1.4)
      i18n (~> 0.6, >= 0.6.9)
      json (~> 1.7, >= 1.7.7)
      minitest (~> 5.1)
      thread_safe (~> 0.1)
      tzinfo (~> 1.1)
    cas_rest_client (1.3)
      rest-client (>= 1.4.2)
    conjur-api (4.9.2)
      activesupport
      rest-client (= 1.6.7)
    conjur-cli (4.12.0)
      activesupport
      cas_rest_client
      conjur-api (>= 4.9.2)
      deep_merge
      gli (>= 2.8.0)
      highline
      methadone
      netrc
    deep_merge (1.0.1)
    gli (2.12.0)
    highline (1.6.21)
    i18n (0.6.11)
    json (1.8.1)
    methadone (1.5.1)
      bundler
    mime-types (2.3)
    minitest (5.4.0)
    netrc (0.7.7)
    rest-client (1.6.7)
      mime-types (>= 1.16)
    thread_safe (0.3.4)
    tzinfo (1.2.1)
      thread_safe (~> 0.1)

PLATFORMS
  ruby

DEPENDENCIES
  conjur-cli
  methadone
